GIT
  remote: git@github.com:jruby/jruby-lint.git
  revision: 828f9d333d20ddd81a47b67d40800e6eaec07591
  specs:
    jruby-lint (0.2.0)
      jruby-openssl
      nokogiri (= 1.5.0.beta.4)
      term-ansicolor

GEM
  remote: http://rubygems.org/
  specs:
    bouncy-castle-java (1.5.0146.1)
    diff-lcs (1.1.2)
    jruby-openssl (0.7.4)
      bouncy-castle-java
    jruby-rack (1.0.9)
    nokogiri (1.5.0.beta.4-java)
    rspec (2.5.0)
      rspec-core (~> 2.5.0)
      rspec-expectations (~> 2.5.0)
      rspec-mocks (~> 2.5.0)
    rspec-core (2.5.2)
    rspec-expectations (2.5.0)
      diff-lcs (~> 1.1.2)
    rspec-mocks (2.5.0)
    term-ansicolor (1.0.5)
    trinidad (1.2.1)
      jruby-rack (>= 1.0.9)
      trinidad_jars (>= 1.0.1)
    trinidad_jars (1.0.1)

PLATFORMS
  java

DEPENDENCIES
  jruby-lint!
  rspec
  trinidad
